RESTRICTION: == net45
NUGET
  remote: https://www.nuget.org/api/v2
    FSharp.Charting (2.1)
      FSharp.Core (>= 4.0.0.1)
    FSharp.Core (4.6.2)
    Google.DataTable.Net.Wrapper (3.1.2)
    Newtonsoft.Json (12.0.1)
    XPlot.GoogleCharts (1.5)
      FSharp.Core
      Google.DataTable.Net.Wrapper (>= 3.1.2)
      Newtonsoft.Json (>= 11.0.2)
